GEM
  remote: https://rubygems.org/
  specs:
    awesome_print (1.6.1)
    dotenv (2.0.2)
    hashie (2.1.2)
    httmultiparty (0.3.16)
      httparty (>= 0.7.3)
      mimemagic
      multipart-post
    httparty (0.13.5)
      json (~> 1.8)
      multi_xml (>= 0.5.2)
    json (1.8.3)
    mimemagic (0.3.0)
    multi_xml (0.5.5)
    multipart-post (2.0.0)
    soundcloud (0.3.2)
      hashie (~> 2.0)
      httmultiparty (~> 0.3.0)

PLATFORMS
  ruby

DEPENDENCIES
  awesome_print
  dotenv
  soundcloud

BUNDLED WITH
   1.10.5
